PATH
  remote: .
  specs:
    burst (0.0.1)

GEM
  remote: https://rubygems.org/
  specs:
    minitest (4.7.0)

PLATFORMS
  ruby

DEPENDENCIES
  burst!
  minitest
